GEM
  remote: http://rubygems.org/
  specs:
    rake (0.9.2.2)
    rb-fsevent (0.9.0)
    sass (3.1.15)

PLATFORMS
  x86-mingw32

DEPENDENCIES
  rake
  rb-fsevent
  sass
